GIT
  remote: git://github.com/ctran/annotate_models.git
  revision: a43c08f0eb4d69a48c6830630ebb60e35ccb2d2d
  specs:
    annotate (2.4.1.beta1)

GIT
  remote: https://github.com/jnicklas/capybara.git
  revision: c387abafd94a053b7f741e2bd7105b5fc2227a08
  specs:
    capybara (1.1.2)
      mime-types (>= 1.16)
      nokogiri (>= 1.3.3)
      rack (>= 1.0.0)
      rack-test (>= 0.5.4)
      selenium-webdriver (~> 2.0)
      xpath (~> 0.1.4)

GEM
  remote: http://rubygems.org/
  specs:
    actionmailer (3.2.1)
      actionpack (= 3.2.1)
      mail (~> 2.4.0)
    actionpack (3.2.1)
      activemodel (= 3.2.1)
      activesupport (= 3.2.1)
      builder (~> 3.0.0)
      erubis (~> 2.7.0)
      journey (~> 1.0.1)
      rack (~> 1.4.0)
      rack-cache (~> 1.1)
      rack-test (~> 0.6.1)
      sprockets (~> 2.1.2)
    active_link_to (1.0.0)
    activemodel (3.2.1)
      activesupport (= 3.2.1)
      builder (~> 3.0.0)
    activerecord (3.2.1)
      activemodel (= 3.2.1)
      activesupport (= 3.2.1)
      arel (~> 3.0.0)
      tzinfo (~> 0.3.29)
    activeresource (3.2.1)
      activemodel (= 3.2.1)
      activesupport (= 3.2.1)
    activesupport (3.2.1)
      i18n (~> 0.6)
      multi_json (~> 1.0)
    addressable (2.2.7)
    airbrake (3.0.9)
      activesupport
      builder
    ancestry (1.2.4)
      activerecord (>= 2.2.2)
    arel (3.0.0)
    auditor (2.1.1)
      activerecord (> 3.0.0)
    awesome_print (1.0.2)
    bcrypt-ruby (3.0.1)
    builder (3.0.0)
    cancan (1.6.7)
    capistrano (2.9.0)
      highline
      net-scp (>= 1.0.0)
      net-sftp (>= 2.0.0)
      net-ssh (>= 2.0.14)
      net-ssh-gateway (>= 1.1.0)
    capistrano-ext (1.2.1)
      capistrano (>= 1.0.0)
    carrierwave (0.5.8)
      activesupport (~> 3.0)
    childprocess (0.3.1)
      ffi (~> 1.0.6)
    chunky_png (1.2.5)
    coffee-rails (3.2.2)
      coffee-script (>= 2.2.0)
      railties (~> 3.2.0)
    coffee-script (2.2.0)
      coffee-script-source
      execjs
    coffee-script-source (1.2.0)
    compass (0.12.rc.1)
      chunky_png (~> 1.2)
      fssm (>= 0.2.7)
      sass (~> 3.1)
    compass-rails (1.0.0.rc.3)
      compass (~> 0.12.rc.0)
    daemons (1.1.8)
    database_cleaner (0.7.1)
    delayed_job (3.0.1)
      activesupport (~> 3.0)
    delayed_job_active_record (0.3.2)
      activerecord (> 2.1.0)
      delayed_job (~> 3.0.0)
    devise (2.0.4)
      bcrypt-ruby (~> 3.0)
      orm_adapter (~> 0.0.3)
      railties (~> 3.1)
      warden (~> 1.1.1)
    devise-russian (2.0.1)
    diff-lcs (1.1.3)
    erb2haml (0.1.2)
      haml
      hpricot
      ruby_parser
    erubis (2.7.0)
    execjs (1.3.0)
      multi_json (~> 1.0)
    fabrication (1.3.1)
    faraday (0.7.6)
      addressable (~> 2.2)
      multipart-post (~> 1.1)
      rack (~> 1.1)
    ffaker (1.12.1)
    ffi (1.0.11)
    flash_messages_helper (0.2.1)
    fssm (0.2.8.1)
    fuubar (1.0.0)
      rspec (~> 2.0)
      rspec-instafail (~> 0.2.0)
      ruby-progressbar (~> 0.0.10)
    geocoder (1.1.1)
    guard (1.0.0)
      ffi (>= 0.5.0)
      thor (~> 0.14.6)
    guard-bundler (0.1.3)
      bundler (>= 1.0.0)
      guard (>= 0.2.2)
    guard-migrate (0.0.2)
      guard (>= 0.2.2)
    guard-rspec (0.6.0)
      guard (>= 0.10.0)
    guard-spork (0.5.2)
      guard (>= 0.10.0)
      spork (>= 0.8.4)
    haml (3.1.4)
    haml-rails (0.3.4)
      actionpack (~> 3.0)
      activesupport (~> 3.0)
      haml (~> 3.0)
      railties (~> 3.0)
    has_scope (0.5.1)
    hashie (1.2.0)
    high_voltage (1.0.1)
    highline (1.6.11)
    hike (1.2.1)
    hominid (3.0.4)
    hpricot (0.8.6)
    i18n (0.6.0)
    inherited_resources (1.3.0)
      has_scope (~> 0.5.0)
      responders (~> 0.6.0)
    journey (1.0.1)
    jquery-rails (2.0.0)
      railties (>= 3.2.0.beta, < 5.0)
      thor (~> 0.14)
    json (1.6.5)
    json_pure (1.6.5)
    kaminari (0.13.0)
      actionpack (>= 3.0.0)
      activesupport (>= 3.0.0)
      railties (>= 3.0.0)
    kgio (2.7.2)
    koala (1.3.0)
      faraday (~> 0.7.0)
      multi_json (~> 1.0)
    launchy (2.0.5)
      addressable (~> 2.2.6)
    letter_opener (0.0.2)
      launchy
    libv8 (3.3.10.4)
    mail (2.4.1)
      i18n (>= 0.4.0)
      mime-types (~> 1.16)
      treetop (~> 1.4.8)
    meta-tags (1.2.4)
      actionpack
    meta_search (1.1.3)
      actionpack (~> 3.1)
      activerecord (~> 3.1)
      activesupport (~> 3.1)
      polyamorous (~> 0.5.0)
    mime-types (1.17.2)
    mini_magick (3.4)
      subexec (~> 0.2.1)
    multi_json (1.1.0)
    multipart-post (1.1.5)
    net-scp (1.0.4)
      net-ssh (>= 1.99.1)
    net-sftp (2.0.5)
      net-ssh (>= 2.0.9)
    net-ssh (2.3.0)
    net-ssh-gateway (1.1.0)
      net-ssh (>= 1.99.1)
    newrelic_rpm (3.3.2)
    nokogiri (1.5.0)
    oauth2 (0.5.2)
      faraday (~> 0.7)
      multi_json (~> 1.0)
    omniauth (1.0.2)
      hashie (~> 1.2)
      rack
    omniauth-facebook (1.2.0)
      omniauth-oauth2 (~> 1.0.0)
    omniauth-oauth2 (1.0.0)
      oauth2 (~> 0.5.0)
      omniauth (~> 1.0)
    omniauth-vkontakte (1.0.5)
      multi_json
      omniauth (~> 1.0)
      omniauth-oauth2 (~> 1.0)
    orm_adapter (0.0.6)
    pg (0.13.1)
    pjax_rails (0.1.10)
      jquery-rails
    plist (3.1.0)
    polyamorous (0.5.0)
      activerecord (~> 3.0)
    polyglot (0.3.3)
    rack (1.4.1)
    rack-cache (1.1)
      rack (>= 0.4)
    rack-ssl (1.3.2)
      rack
    rack-test (0.6.1)
      rack (>= 1.0)
    rails (3.2.1)
      actionmailer (= 3.2.1)
      actionpack (= 3.2.1)
      activerecord (= 3.2.1)
      activeresource (= 3.2.1)
      activesupport (= 3.2.1)
      bundler (~> 1.0)
      railties (= 3.2.1)
    rails-footnotes (3.7.5)
      rails (>= 3.0.0)
    rails_config (0.2.5)
      activesupport (>= 3.0)
    railties (3.2.1)
      actionpack (= 3.2.1)
      activesupport (= 3.2.1)
      rack-ssl (~> 1.3.2)
      rake (>= 0.8.7)
      rdoc (~> 3.4)
      thor (~> 0.14.6)
    raindrops (0.8.0)
    rake (0.9.2.2)
    rb-fsevent (0.9.0)
    rdoc (3.12)
      json (~> 1.4)
    responders (0.6.5)
    rspec (2.8.0)
      rspec-core (~> 2.8.0)
      rspec-expectations (~> 2.8.0)
      rspec-mocks (~> 2.8.0)
    rspec-core (2.8.0)
    rspec-expectations (2.8.0)
      diff-lcs (~> 1.1.2)
    rspec-instafail (0.2.2)
    rspec-mocks (2.8.0)
    rspec-rails (2.8.1)
      actionpack (>= 3.0)
      activesupport (>= 3.0)
      railties (>= 3.0)
      rspec (~> 2.8.0)
    ruby-progressbar (0.0.10)
    ruby_gntp (0.3.4)
    ruby_parser (2.3.1)
      sexp_processor (~> 3.0)
    rubyzip (0.9.6.1)
    russian (0.6.0)
      i18n (>= 0.5.0)
    sass (3.1.15)
    sass-rails (3.2.4)
      railties (~> 3.2.0)
      sass (>= 3.1.10)
      tilt (~> 1.3)
    selenium-webdriver (2.13.0)
      childprocess (>= 0.2.1)
      ffi (~> 1.0.9)
      json_pure
      rubyzip
    sexp_processor (3.0.10)
    simple_form (1.5.2)
      actionpack (~> 3.0)
      activemodel (~> 3.0)
    spork (1.0.0rc2)
    sprockets (2.1.2)
      hike (~> 1.2)
      rack (~> 1.0)
      tilt (~> 1.1, != 1.3.0)
    steak (2.0.0)
      capybara (>= 1.0.0)
      rspec-rails (>= 2.5.0)
    subexec (0.2.1)
    therubyracer (0.9.10)
      libv8 (~> 3.3.10)
    thor (0.14.6)
    tilt (1.3.3)
    timecop (0.3.5)
    transformer (0.2.2)
    treetop (1.4.10)
      polyglot
      polyglot (>= 0.3.1)
    tzinfo (0.3.31)
    uglifier (1.2.3)
      execjs (>= 0.3.0)
      multi_json (>= 1.0.2)
    unicorn (4.2.0)
      kgio (~> 2.6)
      rack
      raindrops (~> 0.7)
    vk-ruby (0.7.4)
      json (~> 1.6)
      transformer (~> 0.2.2)
    warden (1.1.1)
      rack (>= 1.0)
    xpath (0.1.4)
      nokogiri (~> 1.3)
    yajl-ruby (1.1.0)
    yard (0.7.5)

PLATFORMS
  ruby

DEPENDENCIES
  active_link_to
  airbrake
  ancestry
  annotate!
  auditor
  awesome_print
  cancan
  capistrano
  capistrano-ext
  capybara!
  carrierwave
  coffee-rails (~> 3.2.1)
  compass-rails
  daemons
  database_cleaner
  delayed_job_active_record
  devise
  devise-russian
  erb2haml
  execjs
  fabrication
  ffaker
  flash_messages_helper
  fuubar
  geocoder
  guard
  guard-bundler
  guard-migrate
  guard-rspec
  guard-spork
  haml-rails
  high_voltage
  hominid
  inherited_resources
  jquery-rails
  kaminari
  koala
  letter_opener
  meta-tags
  meta_search (>= 1.1.0.pre)
  mini_magick
  newrelic_rpm
  omniauth-facebook
  omniauth-vkontakte
  pg
  pjax_rails
  plist
  rails (= 3.2.1)
  rails-footnotes (>= 3.7.5.rc4)
  rails_config
  rb-fsevent
  rspec-rails
  ruby_gntp
  russian
  sass-rails (~> 3.2.3)
  simple_form
  spork (> 0.9.0.rc)
  steak
  therubyracer
  timecop
  uglifier (>= 1.0.3)
  unicorn
  vk-ruby
  yajl-ruby
  yard
